STORAGE: NONE
RESTRICTION: == net6.0
NUGET
  remote: https://api.nuget.org/v3/index.json
    FSharp.Core (7.0.200)
    Sajagi.Exec (0.0.1-alpha001)
